GIT
  remote: https://github.com/bbc/vistatv_stats_protocol.git
  revision: c9a17ab94b139dda892467789077de7e9e53a87b
  branch: master
  specs:
    vistatv_stats_protocol (1.1.0)

GEM
  remote: https://rubygems.org/
  specs:
    activesupport (5.2.4.3)
      concurrent-ruby (~> 1.0, >= 1.0.2)
      i18n (>= 0.7, < 2)
      minitest (~> 5.1)
      tzinfo (~> 1.1)
    addressable (2.7.0)
      public_suffix (>= 2.0.2, < 5.0)
    async_sinatra (1.2.1)
      rack (>= 1.4.1)
      sinatra (>= 1.3.2)
    coderay (1.1.1)
    concurrent-ruby (1.1.6)
    cookiejar (0.3.3)
    crack (0.4.3)
      safe_yaml (~> 1.0.0)
    daemons (1.2.4)
    diff-lcs (1.3)
    docile (1.1.5)
    em-http-request (1.1.5)
      addressable (>= 2.3.4)
      cookiejar (!= 0.3.1)
      em-socksify (>= 0.3)
      eventmachine (>= 1.0.3)
      http_parser.rb (>= 0.6.0)
    em-logger (0.1.0)
      eventmachine (>= 0.12.10)
    em-socksify (0.3.2)
      eventmachine (>= 1.0.0.beta.4)
    eventmachine (1.2.3)
    faye (1.2.5)
      cookiejar (>= 0.3.0)
      em-http-request (>= 0.3.0)
      eventmachine (>= 0.12.0)
      faye-websocket (>= 0.9.1)
      multi_json (>= 1.0.0)
      rack (>= 1.0.0)
      websocket-driver (>= 0.5.1)
    faye-websocket (0.10.9)
      eventmachine (>= 0.12.0)
      websocket-driver (>= 0.5.1)
    foreman (0.84.0)
      thor (~> 0.19.1)
    hashdiff (0.3.4)
    http_parser.rb (0.6.0)
    i18n (1.8.2)
      concurrent-ruby (~> 1.0)
    json (2.1.0)
    method_source (0.8.2)
    mina (1.0.6)
      open4 (~> 1.3.4)
      rake
    minitest (5.14.1)
    multi_json (1.14.1)
    mustache (0.99.8)
    open4 (1.3.4)
    pry (0.10.4)
      coderay (~> 1.1.0)
      method_source (~> 0.8.1)
      slop (~> 3.4)
    public_suffix (4.0.4)
    rack (1.6.13)
    rack-protection (1.5.5)
      rack
    rake (12.3.3)
    redcarpet (3.4.0)
    rspec (3.6.0)
      rspec-core (~> 3.6.0)
      rspec-expectations (~> 3.6.0)
      rspec-mocks (~> 3.6.0)
    rspec-core (3.6.0)
      rspec-support (~> 3.6.0)
    rspec-expectations (3.6.0)
      diff-lcs (>= 1.2.0, < 2.0)
      rspec-support (~> 3.6.0)
    rspec-mocks (3.6.0)
      diff-lcs (>= 1.2.0, < 2.0)
      rspec-support (~> 3.6.0)
    rspec-support (3.6.0)
    safe_yaml (1.0.4)
    settingslogic (2.0.9)
    simplecov (0.14.1)
      docile (~> 1.1.0)
      json (>= 1.8, < 3)
      simplecov-html (~> 0.10.0)
    simplecov-html (0.10.1)
    sinatra (1.4.8)
      rack (~> 1.5)
      rack-protection (~> 1.4)
      tilt (>= 1.3, < 3)
    sinatra-mustache (0.3.2)
      mustache (~> 0.99, >= 0.99.6)
      sinatra (~> 1.4, ~> 1.3)
      tilt (>= 1.3, <= 2.0)
    slop (3.6.0)
    thin (1.7.0)
      daemons (~> 1.0, >= 1.0.9)
      eventmachine (~> 1.0, >= 1.0.4)
      rack (>= 1, < 3)
    thor (0.19.4)
    thread_safe (0.3.6)
    tilt (2.0.0)
    tzinfo (1.2.7)
      thread_safe (~> 0.1)
    webmock (3.0.1)
      addressable (>= 2.3.6)
      crack (>= 0.3.2)
      hashdiff
    websocket-driver (0.7.1)
      websocket-extensions (>= 0.1.0)
    websocket-extensions (0.1.4)
    yard (0.9.20)

PLATFORMS
  ruby

DEPENDENCIES
  activesupport (~> 5.2.4)
  async_sinatra (~> 1.2.1)
  em-logger (~> 0.1.0)
  eventmachine (~> 1.2.3)
  faye (~> 1.2.5)
  foreman (~> 0.84.0)
  mina (~> 1.0.6)
  pry (~> 0.10.4)
  rake (~> 12.3.3)
  redcarpet (~> 3.4.0)
  rspec (~> 3.6.0)
  settingslogic (~> 2.0.9)
  simplecov (~> 0.14.1)
  sinatra (~> 1.4.8)
  sinatra-mustache (~> 0.3.2)
  thin (~> 1.7.0)
  vistatv_stats_protocol!
  webmock (~> 3.0.1)
  yard (~> 0.9.20)

BUNDLED WITH
   1.15.1
